PATH
  remote: .
  specs:
    testing (0.1.0)

GEM
  remote: https://rubygems.org/
  specs:
    ansi (1.5.0)
    builder (3.2.4)
    minitest (5.14.4)
    minitest-power_assert (0.3.1)
      minitest
      power_assert (>= 1.1)
    minitest-reporters (1.4.3)
      ansi
      builder
      minitest (>= 5.0)
      ruby-progressbar
    power_assert (2.0.0)
    rake (13.0.3)
    ruby-progressbar (1.11.0)

PLATFORMS
  x86_64-linux

DEPENDENCIES
  minitest
  minitest-power_assert
  minitest-reporters
  rake
  testing!

BUNDLED WITH
   2.2.16
